GIT
  remote: git://github.com/dickeytk/mailboxer
  revision: 5c8cdb8044b6710b5762dec38d17bb883362c075
  specs:
    mailboxer (0.5.4)
      carrierwave (>= 0.5.8)
      foreigner (>= 0.9.1)
      rails (>= 3.1.0)
      sunspot_rails (>= 1.3.0)

PATH
  remote: .
  specs:
    messaging (0.0.1)
      carrierwave
      devise
      haml
      jquery-rails
      rails (~> 3.1.3)
      simple_form
      sunspot_rails

GEM


PLATFORMS
  ruby

DEPENDENCIES
  carrierwave
  coffee-rails
  devise
  haml
  jquery-rails
  mailboxer!
  messaging!
  sass-rails
  simple_form
  sqlite3
  sunspot_rails
  sunspot_solr
